GEM
  remote: http://rubygems.org/
  specs:
    ansi (1.4.3)
    builder (3.2.2)
    docile (1.1.3)
    minitest (5.3.3)
    minitest-reporters (1.0.4)
      ansi
      builder
      minitest (>= 5.0)
      ruby-progressbar
    multi_json (1.10.0)
    mysql2 (0.3.13)
    rake (10.3.1)
    ruby-progressbar (1.4.2)
    sequel (4.10.0)
    simplecov (0.8.2)
      docile (~> 1.1.0)
      multi_json
      simplecov-html (~> 0.8.0)
    simplecov-html (0.8.0)
    yard (0.8.7.4)

PLATFORMS
  x86-mingw32

DEPENDENCIES
  minitest
  minitest-reporters
  mysql2 (= 0.3.13)
  rake
  sequel
  simplecov
  simplecov-html
  yard
